GEM
  remote: https://rubygems.org/
  specs:
    async (2.21.1)
      console (~> 1.29)
      fiber-annotation
      io-event (~> 1.6, >= 1.6.5)
    async-io (1.43.2)
      async
    bigdecimal (3.1.8)
    colorize (1.1.0)
    console (1.29.2)
      fiber-annotation
      fiber-local (~> 1.1)
      json
    diff-lcs (1.5.1)
    fiber-annotation (0.2.0)
    fiber-local (1.1.0)
      fiber-storage
    fiber-storage (1.0.0)
    hana (1.3.7)
    i18n (1.14.5)
      concurrent-ruby (~> 1.0)
    io-event (1.7.5)
    json (2.9.0)
    json_schemer (2.3.0)
      bigdecimal
      hana (~> 1.3)
      regexp_parser (~> 2.0)
      simpleidn (~> 0.2)
    logger (1.6.3)
    minitest (5.25.1)
    ostruct (0.6.1)
    rake (13.2.1)
    regexp_parser (2.9.3)
    rsmp (0.34.1)
      async (~> 2.21)
      async-io (~> 1.43)
      colorize (~> 1.1)
      logger (~> 1.6)
      ostruct (~> 0.6)
      rsmp_schema (~> 0.8)
    rsmp_schema (0.8.5)
      json_schemer (~> 2.3.0)
      thor (~> 1.3.1)
    rspec (3.13.0)
      rspec-core (~> 3.13.0)
      rspec-expectations (~> 3.13.0)
      rspec-mocks (~> 3.13.0)
    rspec-core (3.13.1)
      rspec-support (~> 3.13.0)
    rspec-expectations (3.13.2)
      diff-lcs (>= 1.2.0, < 2.0)
      rspec-support (~> 3.13.0)
    rspec-mocks (3.13.1)
      diff-lcs (>= 1.2.0, < 2.0)
      rspec-support (~> 3.13.0)
    rspec-support (3.13.1)
    simpleidn (0.2.3)
    thor (1.3.2)
    yard (0.9.37)

PLATFORMS
  arm64-darwin-22
  arm64-darwin-23
  x64-mingw-ucrt
  x64-mingw32
  x86_64-darwin-20
  x86_64-darwin-21
  x86_64-darwin-22
  x86_64-linux

DEPENDENCIES
  rake
  rsmp
  rspec
  yard

BUNDLED WITH
   2.5.18
