GEM
  remote: https://rubygems.org/
  specs:
    activesupport (7.0.5)
      concurrent-ruby (~> 1.0, >= 1.0.2)
      i18n (>= 1.6, < 2)
      minitest (>= 5.1)
      tzinfo (~> 2.0)
    async (2.6.3)
      console (~> 1.10)
      fiber-annotation
      io-event (~> 1.1)
      timers (~> 4.1)
    async-io (1.35.0)
      async
    colorize (0.8.1)
    concurrent-ruby (1.2.2)
    console (1.21.0)
      fiber-annotation
      fiber-local
    diff-lcs (1.5.0)
    ecma-re-validator (0.4.0)
      regexp_parser (~> 2.2)
    fiber-annotation (0.2.0)
    fiber-local (1.0.0)
    hana (1.3.7)
    i18n (1.14.1)
      concurrent-ruby (~> 1.0)
    io-event (1.2.3)
    json_schemer (0.2.25)
      ecma-re-validator (~> 0.3)
      hana (~> 1.3)
      regexp_parser (~> 2.0)
      simpleidn (~> 0.2)
      uri_template (~> 0.7)
    minitest (5.18.0)
    rake (13.0.6)
    regexp_parser (2.8.1)
    rsmp (0.20.7)
      async (~> 2.6.2)
      async-io (~> 1.35.0)
      colorize (~> 0.8.1)
      rsmp_schema (~> 0.4.0)
      thor (~> 1.2.2)
    rsmp_schema (0.4.5)
      json_schemer (~> 0.2.21)
      thor (~> 1.2.1)
    rspec (3.12.0)
      rspec-core (~> 3.12.0)
      rspec-expectations (~> 3.12.0)
      rspec-mocks (~> 3.12.0)
    rspec-core (3.12.2)
      rspec-support (~> 3.12.0)
    rspec-expectations (3.12.3)
      diff-lcs (>= 1.2.0, < 2.0)
      rspec-support (~> 3.12.0)
    rspec-mocks (3.12.5)
      diff-lcs (>= 1.2.0, < 2.0)
      rspec-support (~> 3.12.0)
    rspec-support (3.12.0)
    simpleidn (0.2.1)
      unf (~> 0.1.4)
    thor (1.2.2)
    timers (4.3.5)
    tzinfo (2.0.6)
      concurrent-ruby (~> 1.0)
    unf (0.1.4)
      unf_ext
    unf_ext (0.0.8.2)
    uri_template (0.7.0)
    yard (0.9.34)

PLATFORMS
  arm64-darwin-22
  x64-mingw-ucrt
  x64-mingw32
  x86_64-darwin-20
  x86_64-darwin-21
  x86_64-darwin-22
  x86_64-linux

DEPENDENCIES
  activesupport
  rake
  rsmp
  rspec
  yard

BUNDLED WITH
   2.4.12
