GIT
  remote: https://github.com/rsmp-nordic/rsmp.git
  revision: a6d8d99123e845dd72fa8b6614879ecc62bfcaed
  ref: a6d8d99
  specs:
    rsmp (0.4.6)
      async (~> 1.29.1)
      async-io (~> 1.32.1)
      colorize (~> 0.8.1)
      rsmp_schemer
      thor (~> 1.0.1)

GEM
  remote: https://rubygems.org/
  specs:
    activesupport (6.1.4.1)
      concurrent-ruby (~> 1.0, >= 1.0.2)
      i18n (>= 1.6, < 2)
      minitest (>= 5.1)
      tzinfo (~> 2.0)
      zeitwerk (~> 2.3)
    async (1.29.2)
      console (~> 1.10)
      nio4r (~> 2.3)
      timers (~> 4.1)
    async-io (1.32.2)
      async
    colorize (0.8.1)
    concurrent-ruby (1.1.9)
    console (1.13.1)
      fiber-local
    diff-lcs (1.4.4)
    ecma-re-validator (0.3.0)
      regexp_parser (~> 2.0)
    fiber-local (1.0.0)
    hana (1.3.7)
    i18n (1.8.10)
      concurrent-ruby (~> 1.0)
    json_schemer (0.2.18)
      ecma-re-validator (~> 0.3)
      hana (~> 1.3)
      regexp_parser (~> 2.0)
      uri_template (~> 0.7)
    minitest (5.14.4)
    nio4r (2.5.8)
    rake (13.0.6)
    regexp_parser (2.1.1)
    rsmp_schemer (0.3.1)
      json_schemer (~> 0.2.18)
    rspec (3.10.0)
      rspec-core (~> 3.10.0)
      rspec-expectations (~> 3.10.0)
      rspec-mocks (~> 3.10.0)
    rspec-core (3.10.1)
      rspec-support (~> 3.10.0)
    rspec-expectations (3.10.1)
      diff-lcs (>= 1.2.0, < 2.0)
      rspec-support (~> 3.10.0)
    rspec-mocks (3.10.2)
      diff-lcs (>= 1.2.0, < 2.0)
      rspec-support (~> 3.10.0)
    rspec-support (3.10.2)
    thor (1.0.1)
    timers (4.3.3)
    tzinfo (2.0.4)
      concurrent-ruby (~> 1.0)
    uri_template (0.7.0)
    yard (0.9.26)
    zeitwerk (2.4.2)

PLATFORMS
  x64-mingw32
  x86_64-darwin-20
  x86_64-linux

DEPENDENCIES
  activesupport
  rake
  rsmp!
  rspec
  yard

BUNDLED WITH
   2.2.26
